GEM
  remote: http://rubygems.org/
  specs:
    diff-lcs (1.1.2)
    guard (0.6.2)
      thor (~> 0.14.6)
    guard-bundler (0.1.3)
      bundler (>= 1.0.0)
      guard (>= 0.2.2)
    guard-rspec (0.4.2)
      guard (>= 0.4.0)
    rake (0.9.2)
    rb-fsevent (0.4.3.1)
    rcov (0.9.10)
    rspec (2.6.0)
      rspec-core (~> 2.6.0)
      rspec-expectations (~> 2.6.0)
      rspec-mocks (~> 2.6.0)
    rspec-core (2.6.4)
    rspec-expectations (2.6.0)
      diff-lcs (~> 1.1.2)
    rspec-mocks (2.6.0)
    thor (0.14.6)
    yard (0.7.2)

PLATFORMS
  ruby

DEPENDENCIES
  guard-bundler
  guard-rspec
  rake
  rb-fsevent
  rcov
  rspec
  yard
